GEM
  remote: https://rubygems.org/
  specs:
    mysql2 (0.4.6)

PLATFORMS
  ruby

DEPENDENCIES
  mysql2

BUNDLED WITH
   1.12.5
